GEM
  remote: http://rubygems.org/
  specs:
    nokogiri (1.4.3.1)

PLATFORMS
  ruby

DEPENDENCIES
  nokogiri
